GEM
  remote: https://rubygems.org/
  specs:
    colorize (0.7.7)

PLATFORMS
  java

DEPENDENCIES
  colorize (= 0.7.7)

BUNDLED WITH
   1.12.1
